GEM
  remote: https://rubygems.org/
  specs:
    colorator (1.1.0)
    ffi (1.10.0)
    jekyll (3.1.6)
      colorator
      jekyll-sass-converter (~> 1.0)
      jekyll-watch (~> 1.1)
      kramdown (~> 1.3)
      liquid (~> 3.0)
      mercenary (~> 0.3.3)
      rouge (~> 2.0)
      safe_yaml (~> 1.0)
    jekyll-feed (0.7.2)
    jekyll-sass-converter (1.5.2)
      sass (~> 3.4)
    jekyll-watch (1.5.1)
      listen (~> 3.0)
    json (2.0.2)
    kramdown (1.17.0)
    liquid (3.0.6)
    listen (3.1.5)
      rb-inotify (~> 0.9, >= 0.9.7)
    mercenary (0.3.6)
    minimal-mistakes-jekyll (4.0.1)
    rb-fsevent (0.10.3)
    rb-inotify (0.10.0)
      ffi (~> 1.0)
    rouge (2.2.1)
    safe_yaml (1.0.4)
    sass (3.7.3)
      sass-listen (~> 4.0.0)
    sass-listen (4.0.0)
      rb-fsevent (~> 0.9, >= 0.9.4)
      rb-inotify (~> 0.9, >= 0.9.7)

PLATFORMS
  ruby

DEPENDENCIES
  jekyll (~> 3.1.6)
  jekyll-feed (~> 0.6)
  json (= 2.0.2)
  minimal-mistakes-jekyll
  tzinfo-data

BUNDLED WITH
   2.0.1
